GEM
  remote: https://rubygems.org/
  specs:
    addressable (2.4.0)
    ast (2.3.0)
    aws-sdk (2.4.3)
      aws-sdk-resources (= 2.4.3)
    aws-sdk-core (2.4.3)
      jmespath (~> 1.0)
    aws-sdk-resources (2.4.3)
      aws-sdk-core (= 2.4.3)
    bcrypt (3.1.11)
    bcrypt-ruby (3.1.5)
      bcrypt (>= 3.1.3)
    daemons (1.2.3)
    dragonfly (1.0.12)
      addressable (~> 2.3)
      multi_json (~> 1.0)
      rack (>= 1.3.0)
    eventmachine (1.2.0.1)
    faker (1.6.6)
      i18n (~> 0.5)
    i18n (0.7.0)
    jmespath (1.3.1)
    lorem (0.1.2)
    multi_json (1.12.1)
    parser (2.3.1.2)
      ast (~> 2.2)
    pg (0.18.4)
    powerpack (0.1.1)
    rack (1.6.4)
    rack-protection (1.5.3)
      rack
    rainbow (2.1.0)
    rubocop (0.41.2)
      parser (>= 2.3.1.1, < 3.0)
      powerpack (~> 0.1)
      rainbow (>= 1.99.1, < 3.0)
      ruby-progressbar (~> 1.7)
      unicode-display_width (~> 1.0, >= 1.0.1)
    ruby-progressbar (1.8.1)
    sinatra (1.4.7)
      rack (~> 1.5)
      rack-protection (~> 1.4)
      tilt (>= 1.3, < 3)
    thin (1.7.0)
      daemons (~> 1.0, >= 1.0.9)
      eventmachine (~> 1.0, >= 1.0.4)
      rack (>= 1, < 3)
    tilt (2.0.5)
    unicode-display_width (1.1.0)

PLATFORMS
  ruby

DEPENDENCIES
  aws-sdk (~> 2.2, >= 2.2.35)
  bcrypt-ruby (~> 3.1, >= 3.1.5)
  dragonfly (~> 1.0, >= 1.0.12)
  faker (~> 1.6, >= 1.6.3)
  lorem (~> 0.1.2)
  pg (~> 0.18.4)
  rubocop (~> 0.41.2)
  sinatra (~> 1.4.7)
  thin (~> 1.6, >= 1.6.4)

BUNDLED WITH
   1.11.2
